PATH
  remote: .
  specs:
    marpet (0.0.1)
      coderay
      redcarpet

GEM
  remote: https://rubygems.org/
  specs:
    coderay (1.0.9)
    redcarpet (3.0.0)

PLATFORMS
  ruby

DEPENDENCIES
  marpet!
