PATH
  remote: .
  specs:
    marpet (0.0.1)
      coderay
      redcarpet

GEM
  remote: https://rubygems.org/
  specs:
    coderay (1.0.7)
    redcarpet (2.1.1)

PLATFORMS
  ruby

DEPENDENCIES
  marpet!
