GEM
  remote: http://rubygems.org/
  specs:
    redcarpet (2.1.1)

PLATFORMS
  ruby

DEPENDENCIES
  redcarpet
